NUGET
  remote: https://www.nuget.org/api/v2
  specs:
    FAKE (4.22.6)
    FSharp.Compiler.Service (2.0.0.6)
    FSharp.Configuration (0.5.12)
    FSharp.Core (4.0.0.1)
    FSharp.Formatting (2.14.0)
      FSharp.Compiler.Service (>= 2.0.0.3 < 2.1.0)
      FSharpVSPowerTools.Core (>= 2.3.0 < 2.4.0)
    FSharpVSPowerTools.Core (2.3.0)
      FSharp.Compiler.Service (>= 2.0.0.3)
    Microsoft.AspNet.Razor (3.2.3) - framework: >= net45
    NuGet.CommandLine (3.3.0)
    NUnit (3.2.0)
    NUnit.ConsoleRunner (3.2.0)
    NUnit.Extension.NUnitProjectLoader (3.2.0)
    NUnit.Extension.NUnitV2Driver (3.2.0)
    NUnit.Extension.NUnitV2ResultWriter (3.2.0)
    NUnit.Extension.VSProjectLoader (3.2.0)
    NUnit.Runners (3.2.0)
      NUnit.ConsoleRunner (3.2.0)
      NUnit.Extension.NUnitProjectLoader (3.2.0)
      NUnit.Extension.NUnitV2Driver (3.2.0)
      NUnit.Extension.NUnitV2ResultWriter (3.2.0)
      NUnit.Extension.VSProjectLoader (3.2.0)
    RazorEngine (3.7.7)
      Microsoft.AspNet.Razor (>= 3.0.0) - framework: >= net45
      Microsoft.AspNet.Razor (2.0.30506) - framework: net40
    Suave (1.1.1)
      FSharp.Core (>= 3.1.2.5)
GITHUB
  remote: forki/FsUnit
  specs:
    FsUnit.fs (f536bd5ed0eba8b38d2b01ae79d64e4e14fbd0a6)